GEM
  remote: https://rubygems.org/
  specs:
    albacore (1.0.0.rc.2)
      nokogiri (~> 1.5)
      rake
      rubyzip (~> 1.0)
    mini_portile (0.5.2)
    nokogiri (1.6.0-x86-mingw32)
      mini_portile (~> 0.5.0)
    rake (10.1.0)
    rubyzip (1.1.0)

PLATFORMS
  x86-mingw32

DEPENDENCIES
  albacore (~> 1.0.rc)
  rake
